{
	"Modality": "MR",
	"MagneticFieldStrength": 3,
	"ImagingFrequency": 123.261,
	"Manufacturer": "Siemens",
	"ManufacturersModelName": "Prisma",
	"InstitutionName": "Peking Univeristy",
	"InstitutionalDepartmentName": "Department",
	"InstitutionAddress": "Yiheyuan Road 5,Beijing3cd14b,Haidian,CN,100871",
	"DeviceSerialNumber": "66014",
	"StationName": "AWP66014",
	"BodyPartExamined": "HEAD",
	"PatientPosition": "HFS",
	"ProcedureStepDescription": "Research^Projects_20CH",
	"SoftwareVersions": "syngo MR D13D",
	"MRAcquisitionType": "2D",
	"SeriesDescription": "gre_field_mapping_rest",
	"ProtocolName": "gre_field_mapping_rest",
	"ScanningSequence": "GR",
	"SequenceVariant": "SP",
	"SequenceName": "*fm2d2r",
	"ImageType": ["ORIGINAL", "PRIMARY", "P", "ND", "PHASE"],
	"SeriesNumber": 4,
	"AcquisitionTime": "15:16:25.487500",
	"AcquisitionNumber": 1,
	"SliceThickness": 2,
	"SpacingBetweenSlices": 2.2,
	"SAR": 0.182174,
	"EchoNumber": 2,
	"EchoTime": 0.00738,
	"RepetitionTime": 0.635,
	"FlipAngle": 60,
	"EchoTime1": 0.00492,
	"EchoTime2": 0.00738,
	"PartialFourier": 1,
	"BaseResolution": 112,
	"ShimSetting": [
		-3437,
		-2096,
		-1905,
		359,
		36,
		-433,
		38,
		25	],
	"TxRefAmp": 280.729,
	"PhaseResolution": 1,
	"ReceiveCoilName": "HeadNeck_20",
	"ReceiveCoilActiveElements": "HE1-4",
	"PulseSequenceDetails": "%SiemensSeq%\\gre_field_mapping",
	"ConsistencyInfo": "N4_VD13D_LATEST_20130810",
	"MultibandAccelerationFactor": 2,
	"PercentPhaseFOV": 100,
	"PercentSampling": 100,
	"PhaseEncodingSteps": 112,
	"AcquisitionMatrixPE": 112,
	"ReconMatrixPE": 112,
	"PixelBandwidth": 565,
	"DwellTime": 7.9e-06,
	"PhaseEncodingDirection": "j",
	"SliceTiming": [
		0.3125,
		0,
		0.32813,
		0.01563,
		0.32813,
		0.01563,
		0.34375,
		0.03125,
		0.35938,
		0.03125,
		0.35938,
		0.04688,
		0.375,
		0.0625,
		0.39063,
		0.0625,
		0.39063,
		0.07813,
		0.40625,
		0.07813,
		0.40625,
		0.09375,
		0.42188,
		0.10938,
		0.4375,
		0.10938,
		0.4375,
		0.125,
		0.45313,
		0.14063,
		0.46875,
		0.14063,
		0.46875,
		0.15625,
		0.48438,
		0.17188,
		0.5,
		0.17188,
		0.5,
		0.1875,
		0.51563,
		0.20313,
		0.51563,
		0.20313,
		0.53125,
		0.21875,
		0.54688,
		0.21875,
		0.54688,
		0.23438,
		0.5625,
		0.25,
		0.57813,
		0.25,
		0.57813,
		0.26563,
		0.59375,
		0.28125,
		0.60938,
		0.28125,
		0.60938,
		0.29688,
		0.625,
		0.3125	],
	"ImageOrientationPatientDICOM": [
		0.999945,
		-0.0104366,
		0.000858044,
		0.0104718,
		0.996583,
		-0.081934	],
	"InPlanePhaseEncodingDirectionDICOM": "COL",
	"ConversionSoftware": "dcm2niix",
	"ConversionSoftwareVersion": "v1.0.20201102"
}
