{
	"Modality": "MR",
	"MagneticFieldStrength": 3,
	"ImagingFrequency": 123.261,
	"Manufacturer": "Siemens",
	"ManufacturersModelName": "Prisma",
	"InstitutionName": "Peking_Univeristy",
	"InstitutionalDepartmentName": "Department",
	"InstitutionAddress": "Yiheyuan_Road_5_Beijing3cd14b_Haidian_CN_100871",
	"DeviceSerialNumber": "66014",
	"StationName": "AWP66014",
	"BodyPartExamined": "HEAD",
	"PatientPosition": "HFS",
	"ProcedureStepDescription": "Research_Projects_20CH",
	"SoftwareVersions": "syngo_MR_D13D",
	"MRAcquisitionType": "2D",
	"SeriesDescription": "gre_field_mapping_rest",
	"ProtocolName": "gre_field_mapping_rest",
	"ScanningSequence": "GR",
	"SequenceVariant": "SP",
	"SequenceName": "_fm2d2r",
	"ImageType": ["ORIGINAL", "PRIMARY", "M", "ND"],
	"SeriesNumber": 3,
	"AcquisitionTime": "15:04:21.037500",
	"AcquisitionNumber": 1,
	"SliceThickness": 2,
	"SpacingBetweenSlices": 2.2,
	"SAR": 0.133947,
	"EchoNumber": 1,
	"EchoTime": 0.00492,
	"RepetitionTime": 0.635,
	"FlipAngle": 60,
	"PartialFourier": 1,
	"BaseResolution": 112,
	"ShimSetting": [
		-3443,
		-2115,
		-1973,
		529,
		52,
		-285,
		8,
		-33	],
	"TxRefAmp": 237.857,
	"PhaseResolution": 1,
	"ReceiveCoilName": "HeadNeck_20",
	"ReceiveCoilActiveElements": "HE1-4",
	"PulseSequenceDetails": "%SiemensSeq%_gre_field_mapping",
	"ConsistencyInfo": "N4_VD13D_LATEST_20130810",
	"PercentPhaseFOV": 100,
	"PhaseEncodingSteps": 112,
	"AcquisitionMatrixPE": 112,
	"ReconMatrixPE": 112,
	"PixelBandwidth": 565,
	"DwellTime": 7.9e-06,
	"PhaseEncodingDirection": "j",
	"ImageOrientationPatientDICOM": [
		0.998253,
		0.0243929,
		0.0538173,
		-0.0209103,
		0.997708,
		-0.0643505	],
	"InPlanePhaseEncodingDirectionDICOM": "COL",
	"ConversionSoftware": "dcm2niix",
	"ConversionSoftwareVersion": "v1.0.20181114  GCC7.3.0"
}
