{"Modality": "MR", "MagneticFieldStrength": 3, "ImagingFrequency": 123.261, "Manufacturer": "Siemens", "ManufacturersModelName": "Prisma", "InstitutionName": "Peking_Univeristy", "InstitutionalDepartmentName": "Department", "InstitutionAddress": "Yiheyuan_Road_5_Beijing3cd14b_Haidian_CN_100871", "DeviceSerialNumber": "66014", "StationName": "AWP66014", "BodyPartExamined": "HEAD", "PatientPosition": "HFS", "ProcedureStepDescription": "Research_Projects_20CH", "SoftwareVersions": "syngo_MR_D13D", "MRAcquisitionType": "2D", "SeriesDescription": "gre_field_mapping_rest", "ProtocolName": "gre_field_mapping_rest", "ScanningSequence": "GR", "SequenceVariant": "SP", "SequenceName": "_fm2d2r", "ImageType": ["ORIGINAL", "PRIMARY", "P", "ND"], "SeriesNumber": 4, "AcquisitionTime": "15:23:56.482500", "AcquisitionNumber": 1, "SliceThickness": 2, "SpacingBetweenSlices": 2.2, "SAR": 0.133152, "EchoNumber": 2, "EchoTime": 0.00738, "RepetitionTime": 0.635, "FlipAngle": 60, "PartialFourier": 1, "BaseResolution": 112, "ShimSetting": [-3474, -2120, -1942, 413, -88, -134, 162, 47], "TxRefAmp": 244.805, "PhaseResolution": 1, "ReceiveCoilName": "HeadNeck_20", "ReceiveCoilActiveElements": "HE1-4", "PulseSequenceDetails": "%SiemensSeq%_gre_field_mapping", "ConsistencyInfo": "N4_VD13D_LATEST_20130810", "PercentPhaseFOV": 100, "PhaseEncodingSteps": 112, "AcquisitionMatrixPE": 112, "ReconMatrixPE": 112, "PixelBandwidth": 565, "DwellTime": 7.9e-06, "PhaseEncodingDirection": "j", "ImageOrientationPatientDICOM": [0.999945, 0.0104717, -8e-15, -0.0104717, 0.999945, -7.94e-13], "InPlanePhaseEncodingDirectionDICOM": "COL", "ConversionSoftware": "dcm2niix", "ConversionSoftwareVersion": "v1.0.20181114  GCC7.3.0", "EchoTime1": 0.00492, "EchoTime2": 0.00738}