{"Modality": "MR", "MagneticFieldStrength": 3, "ImagingFrequency": 123.261, "Manufacturer": "Siemens", "ManufacturersModelName": "Prisma", "InstitutionName": "Peking Univeristy", "InstitutionalDepartmentName": "Department", "InstitutionAddress": "Yiheyuan Road 5,Beijing3cd14b,Haidian,CN,100871", "DeviceSerialNumber": "66014", "StationName": "AWP66014", "BodyPartExamined": "HEAD", "PatientPosition": "HFS", "ProcedureStepDescription": "Research^Projects_20CH", "SoftwareVersions": "syngo MR D13D", "MRAcquisitionType": "2D", "SeriesDescription": "mgh_bold_20ch_PL2", "ProtocolName": "mgh_bold_20ch_PL2", "ScanningSequence": "EP", "SequenceVariant": "SK\\OSP", "ScanOptions": "FS\\CT", "SequenceName": "ep8772d1_112", "ImageType": ["ORIGINAL", "PRIMARY", "M", "ND", "MOSAIC"], "SeriesNumber": 9, "AcquisitionTime": "13:51:26.082500", "AcquisitionNumber": 1, "SliceThickness": 2, "SpacingBetweenSlices": 2.2, "SAR": 0.11323, "EchoTime": 0.03, "RepetitionTime": 2, "FlipAngle": 90, "PartialFourier": 1, "BaseResolution": 112, "ShimSetting": [-3435, -2107, -1970, 459, 10, -383, 126, -51], "TxRefAmp": 237.64, "PhaseResolution": 1, "PhaseOversampling": 0.03, "ReceiveCoilName": "HeadNeck_20", "ReceiveCoilActiveElements": "HE1-4", "PulseSequenceDetails": "%CustomerSeq%\\ep2d_bold_877", "WipMemBlock": "WIP_877_VD13D: SliceAccelerated BOLD with advanced physio logging (Wed Feb 18 18:39:17 2015)", "RefLinesPE": 36, "ConsistencyInfo": "N4_VD13D_LATEST_20130810", "MultibandAccelerationFactor": 2, "PercentPhaseFOV": 100, "PercentSampling": 100, "EchoTrainLength": 57, "PhaseEncodingSteps": 115, "AcquisitionMatrixPE": 112, "ReconMatrixPE": 112, "BandwidthPerPixelPhaseEncode": 30.788, "ParallelReductionFactorInPlane": 2, "EffectiveEchoSpacing": 0.000290002, "DerivedVendorReportedEchoSpacing": 0.00056311, "TotalReadoutTime": 0.0321902, "PixelBandwidth": 2125, "DwellTime": 2.1e-06, "PhaseEncodingDirection": "j", "SliceTiming": [1.4825, 0, 0.9875, 0.06, 1.05, 0.1225, 1.1125, 0.185, 1.175, 0.2475, 1.235, 0.3075, 1.2975, 0.37, 1.36, 0.4325, 1.4225, 0.555, 1.545, 0.6175, 1.6075, 0.68, 1.67, 0.7425, 1.73, 0.8025, 1.7925, 0.865, 1.855, 0.9275, 1.9175, 0.495, 1.4825, 0, 0.9875, 0.06, 1.05, 0.1225, 1.1125, 0.185, 1.175, 0.2475, 1.235, 0.3075, 1.2975, 0.37, 1.36, 0.4325, 1.4225, 0.555, 1.545, 0.6175, 1.6075, 0.68, 1.67, 0.7425, 1.73, 0.8025, 1.7925, 0.865, 1.855, 0.9275, 1.9175, 0.495], "ImageOrientationPatientDICOM": [0.998763, 0.00930283, 0.0488469, -0.00871613, 0.999887, -0.0122102], "InPlanePhaseEncodingDirectionDICOM": "COL", "ConversionSoftware": "dcm2niix", "ConversionSoftwareVersion": "v1.0.20201102", "TaskName": "pl2"}