{
	"Modality": "MR",
	"MagneticFieldStrength": 3,
	"ImagingFrequency": 123.261,
	"Manufacturer": "Siemens",
	"ManufacturersModelName": "Prisma",
	"InstitutionName": "Peking_Univeristy",
	"InstitutionalDepartmentName": "Department",
	"InstitutionAddress": "Yiheyuan_Road_5_Beijing3cd14b_Haidian_CN_100871",
	"DeviceSerialNumber": "66014",
	"StationName": "AWP66014",
	"BodyPartExamined": "HEAD",
	"PatientPosition": "HFS",
	"ProcedureStepDescription": "Research_Projects_20CH",
	"SoftwareVersions": "syngo_MR_D13D",
	"MRAcquisitionType": "3D",
	"SeriesDescription": "t1_mprage_sag_iso_mww",
	"ProtocolName": "t1_mprage_sag_iso_mww",
	"ScanningSequence": "GR_IR",
	"SequenceVariant": "SK_SP_MP_OSP",
	"ScanOptions": "IR",
	"SequenceName": "_tfl3d1_16ns",
	"ImageType": ["ORIGINAL", "PRIMARY", "M", "ND", "NORM"],
	"SeriesNumber": 17,
	"AcquisitionTime": "14:22:8.522500",
	"AcquisitionNumber": 1,
	"SliceThickness": 1,
	"SAR": 0.0544459,
	"EchoNumber": 1,
	"EchoTime": 0.00298,
	"RepetitionTime": 2.53,
	"InversionTime": 1.1,
	"FlipAngle": 7,
	"PartialFourier": 1,
	"Interpolation2D": 1,
	"BaseResolution": 256,
	"ShimSetting": [
		-3430,
		-2148,
		-2030,
		56,
		15,
		-362,
		94,
		-19	],
	"TxRefAmp": 266.812,
	"PhaseResolution": 1,
	"PhaseOversampling": 0.12,
	"ReceiveCoilName": "HeadNeck_20",
	"ReceiveCoilActiveElements": "HE1-4;NE1,2",
	"CoilString": "HE1-4;NE1_2",
	"PulseSequenceDetails": "%SiemensSeq%_tfl",
	"ConsistencyInfo": "N4_VD13D_LATEST_20130810",
	"PercentPhaseFOV": 87.5,
	"PhaseEncodingSteps": 250,
	"AcquisitionMatrixPE": 224,
	"ReconMatrixPE": 512,
	"PixelBandwidth": 240,
	"DwellTime": 8.2e-06,
	"ImageOrientationPatientDICOM": [
		0.00979219,
		0.991847,
		-0.12706,
		0.00751949,
		-0.127135,
		-0.991857	],
	"InPlanePhaseEncodingDirectionDICOM": "ROW",
	"ConversionSoftware": "dcm2niix",
	"ConversionSoftwareVersion": "v1.0.20181114  GCC7.3.0"
}
