{"Modality": "MR", "MagneticFieldStrength": 3, "ImagingFrequency": 123.261, "Manufacturer": "Siemens", "ManufacturersModelName": "Prisma", "InstitutionName": "Peking_Univeristy", "InstitutionalDepartmentName": "Department", "InstitutionAddress": "Yiheyuan_Road_5_Beijing3cd14b_Haidian_CN_100871", "DeviceSerialNumber": "66014", "StationName": "AWP66014", "BodyPartExamined": "HEAD", "PatientPosition": "HFS", "ProcedureStepDescription": "Research_Projects_20CH", "SoftwareVersions": "syngo_MR_D13D", "MRAcquisitionType": "2D", "SeriesDescription": "gre_field_mapping_rest", "ProtocolName": "gre_field_mapping_rest", "ScanningSequence": "GR", "SequenceVariant": "SP", "SequenceName": "_fm2d2r", "ImageType": ["ORIGINAL", "PRIMARY", "P", "ND"], "SeriesNumber": 4, "AcquisitionTime": "13:02:6.105000", "AcquisitionNumber": 1, "SliceThickness": 2, "SpacingBetweenSlices": 2.2, "SAR": 0.153294, "EchoNumber": 2, "EchoTime": 0.00738, "RepetitionTime": 0.635, "FlipAngle": 60, "PartialFourier": 1, "BaseResolution": 112, "ShimSetting": [-3447, -2098, -1931, 345, 9, -239, -46, 59], "TxRefAmp": 277.972, "PhaseResolution": 1, "ReceiveCoilName": "HeadNeck_20", "ReceiveCoilActiveElements": "HE1-4", "PulseSequenceDetails": "%SiemensSeq%_gre_field_mapping", "ConsistencyInfo": "N4_VD13D_LATEST_20130810", "PercentPhaseFOV": 100, "PhaseEncodingSteps": 112, "AcquisitionMatrixPE": 112, "ReconMatrixPE": 112, "PixelBandwidth": 565, "DwellTime": 7.9e-06, "PhaseEncodingDirection": "j", "ImageOrientationPatientDICOM": [0.99919, -0.0402433, 0.000351753, 0.0401316, 0.995685, -0.0836707], "InPlanePhaseEncodingDirectionDICOM": "COL", "ConversionSoftware": "dcm2niix", "ConversionSoftwareVersion": "v1.0.20181114  GCC7.3.0", "EchoTime1": 0.00492, "EchoTime2": 0.00738}