{"Modality": "MR", "MagneticFieldStrength": 3, "ImagingFrequency": 123.261, "Manufacturer": "Siemens", "ManufacturersModelName": "Prisma", "InstitutionName": "Peking_Univeristy", "InstitutionalDepartmentName": "Department", "InstitutionAddress": "Yiheyuan_Road_5_Beijing3cd14b_Haidian_CN_100871", "DeviceSerialNumber": "66014", "StationName": "AWP66014", "BodyPartExamined": "HEAD", "PatientPosition": "HFS", "ProcedureStepDescription": "Research_Projects_20CH", "SoftwareVersions": "syngo_MR_D13D", "MRAcquisitionType": "2D", "SeriesDescription": "mgh_bold_20ch_rest2", "ProtocolName": "mgh_bold_20ch_rest2", "ScanningSequence": "EP", "SequenceVariant": "SK_OSP", "ScanOptions": "FS_CT", "SequenceName": "ep8772d1_112", "ImageType": ["ORIGINAL", "PRIMARY", "M", "ND", "MOSAIC"], "SeriesNumber": 11, "AcquisitionTime": "15:39:20.282500", "AcquisitionNumber": 1, "SliceThickness": 2, "SpacingBetweenSlices": 2.2, "SAR": 0.116967, "EchoNumber": 1, "EchoTime": 0.03, "RepetitionTime": 2, "FlipAngle": 90, "PartialFourier": 1, "BaseResolution": 112, "ShimSetting": [-3417, -2103, -1947, 395, 97, -260, -38, -34], "TxRefAmp": 249.1, "PhaseResolution": 1, "PhaseOversampling": 0.03, "ReceiveCoilName": "HeadNeck_20", "ReceiveCoilActiveElements": "HE1-4", "PulseSequenceDetails": "%CustomerSeq%_ep2d_bold_877", "WipMemBlock": "WIP_877_VD13D: SliceAccelerated BOLD with advanced physio logging (Wed Feb 18 18:39:17 2015)", "ConsistencyInfo": "N4_VD13D_LATEST_20130810", "MultibandAccelerationFactor": 2, "PercentPhaseFOV": 100, "EchoTrainLength": 57, "PhaseEncodingSteps": 115, "AcquisitionMatrixPE": 112, "ReconMatrixPE": 112, "BandwidthPerPixelPhaseEncode": 30.788, "ParallelReductionFactorInPlane": 2, "EffectiveEchoSpacing": 0.000290002, "DerivedVendorReportedEchoSpacing": 0.00056311, "TotalReadoutTime": 0.0321902, "PixelBandwidth": 2125, "DwellTime": 2.1e-06, "PhaseEncodingDirection": "j", "SliceTiming": [1.485, 0, 0.99, 0.06, 1.05, 0.1225, 1.1125, 0.185, 1.175, 0.2475, 1.2375, 0.3075, 1.2975, 0.37, 1.36, 0.4325, 1.4225, 0.555, 1.545, 0.6175, 1.6075, 0.68, 1.67, 0.7425, 1.7325, 0.8025, 1.7925, 0.865, 1.855, 0.9275, 1.9175, 0.495, 1.485, 0, 0.99, 0.06, 1.05, 0.1225, 1.1125, 0.185, 1.175, 0.2475, 1.2375, 0.3075, 1.2975, 0.37, 1.36, 0.4325, 1.4225, 0.555, 1.545, 0.6175, 1.6075, 0.68, 1.67, 0.7425, 1.7325, 0.8025, 1.7925, 0.865, 1.855, 0.9275, 1.9175, 0.495], "ImageOrientationPatientDICOM": [0.998851, -0.0236312, 0.041694, 0.0261558, 0.99779, -0.0610801], "InPlanePhaseEncodingDirectionDICOM": "COL", "ConversionSoftware": "dcm2niix", "ConversionSoftwareVersion": "v1.0.20181114  GCC7.3.0", "TaskName": "rest2"}