{
	"Modality": "MR",
	"MagneticFieldStrength": 3,
	"ImagingFrequency": 123.261,
	"Manufacturer": "Siemens",
	"ManufacturersModelName": "Prisma",
	"InstitutionName": "Peking Univeristy",
	"InstitutionalDepartmentName": "Department",
	"InstitutionAddress": "Yiheyuan Road 5,Beijing3cd14b,Haidian,CN,100871",
	"DeviceSerialNumber": "66014",
	"StationName": "AWP66014",
	"BodyPartExamined": "HEAD",
	"PatientPosition": "HFS",
	"ProcedureStepDescription": "Research^Projects_20CH",
	"SoftwareVersions": "syngo MR D13D",
	"MRAcquisitionType": "2D",
	"SeriesDescription": "gre_field_mapping_rest",
	"ProtocolName": "gre_field_mapping_rest",
	"ScanningSequence": "GR",
	"SequenceVariant": "SP",
	"SequenceName": "*fm2d2r",
	"ImageType": ["ORIGINAL", "PRIMARY", "M", "ND"],
	"SeriesNumber": 3,
	"AcquisitionTime": "13:22:17.837500",
	"AcquisitionNumber": 1,
	"SliceThickness": 2,
	"SpacingBetweenSlices": 2.2,
	"SAR": 0.127054,
	"EchoNumber": 1,
	"EchoTime": 0.00492,
	"RepetitionTime": 0.635,
	"FlipAngle": 60,
	"PartialFourier": 1,
	"BaseResolution": 112,
	"ShimSetting": [
		-3435,
		-2107,
		-1970,
		459,
		10,
		-383,
		126,
		-51	],
	"TxRefAmp": 237.64,
	"PhaseResolution": 1,
	"ReceiveCoilName": "HeadNeck_20",
	"ReceiveCoilActiveElements": "HE1-4",
	"PulseSequenceDetails": "%SiemensSeq%\\gre_field_mapping",
	"ConsistencyInfo": "N4_VD13D_LATEST_20130810",
	"MultibandAccelerationFactor": 2,
	"PercentPhaseFOV": 100,
	"PercentSampling": 100,
	"PhaseEncodingSteps": 112,
	"AcquisitionMatrixPE": 112,
	"ReconMatrixPE": 112,
	"PixelBandwidth": 565,
	"DwellTime": 7.9e-06,
	"PhaseEncodingDirection": "j",
	"SliceTiming": [
		0.32813,
		0,
		0.32813,
		0.01563,
		0.34375,
		0.03125,
		0.35938,
		0.03125,
		0.35938,
		0.04688,
		0.375,
		0.04688,
		0.375,
		0.0625,
		0.39063,
		0.07813,
		0.40625,
		0.07813,
		0.40625,
		0.09375,
		0.42188,
		0.10938,
		0.4375,
		0.10938,
		0.4375,
		0.125,
		0.45313,
		0.14063,
		0.46875,
		0.14063,
		0.46875,
		0.15625,
		0.48438,
		0.17188,
		0.48438,
		0.17188,
		0.5,
		0.1875,
		0.51563,
		0.1875,
		0.51563,
		0.20313,
		0.53125,
		0.21875,
		0.54688,
		0.21875,
		0.54688,
		0.23438,
		0.5625,
		0.23438,
		0.5625,
		0.25,
		0.57813,
		0.26563,
		0.59375,
		0.26563,
		0.59375,
		0.28125,
		0.60938,
		0.29688,
		0.625,
		0.29688,
		0.625,
		0.3125	],
	"ImageOrientationPatientDICOM": [
		0.998763,
		0.00930283,
		0.0488469,
		-0.00871613,
		0.999887,
		-0.0122102	],
	"InPlanePhaseEncodingDirectionDICOM": "COL",
	"ConversionSoftware": "dcm2niix",
	"ConversionSoftwareVersion": "v1.0.20201102"
}
